PATH
  remote: .
  specs:
    google-local-results-ai-parser (0.2.6)
      http
      json
      nokolexbor
      parallel (~> 1.20, >= 1.20.1)

GEM
  remote: https://rubygems.org/
  specs:
    addressable (2.8.4)
      public_suffix (>= 2.0.2, < 6.0)
    domain_name (0.5.20190701)
      unf (>= 0.0.5, < 1.0.0)
    ffi (1.15.5)
    ffi-compiler (1.0.1)
      ffi (>= 1.0.0)
      rake
    http (5.1.1)
      addressable (~> 2.8)
      http-cookie (~> 1.0)
      http-form_data (~> 2.2)
      llhttp-ffi (~> 0.4.0)
    http-cookie (1.0.5)
      domain_name (~> 0.5)
    http-form_data (2.3.0)
    json (2.6.3)
    llhttp-ffi (0.4.0)
      ffi-compiler (~> 1.0)
      rake (~> 13.0)
    nokolexbor (0.5.0)
    parallel (1.23.0)
    public_suffix (5.0.1)
    rake (13.0.6)
    unf (0.1.4)
      unf_ext
    unf_ext (0.0.8.2)

PLATFORMS
  ruby

DEPENDENCIES
  google-local-results-ai-parser!
  http
  json
  nokolexbor
  parallel (~> 1.20, >= 1.20.1)

BUNDLED WITH
   2.4.7
